GEM
  remote: https://rubygems.org/
  specs:
<<<<<<< HEAD
    activesupport (5.2.6)
||||||| cf29f67
    activesupport (5.0.1)
=======
    activesupport (6.1.3.2)
>>>>>>> origin/main
      concurrent-ruby (~> 1.0, >= 1.0.2)
<<<<<<< HEAD
      i18n (>= 0.7, < 2)
      minitest (~> 5.1)
      tzinfo (~> 1.1)
    addressable (2.8.0)
      public_suffix (>= 2.0.2, < 5.0)
    autoprefixer-rails (10.3.1.0)
      execjs (~> 2)
    backports (3.21.0)
    coderay (1.1.3)
||||||| cf29f67
      i18n (~> 0.7)
      minitest (~> 5.1)
      tzinfo (~> 1.1)
    addressable (2.5.0)
      public_suffix (~> 2.0, >= 2.0.2)
    autoprefixer-rails (6.6.1)
      execjs
    backports (3.6.8)
=======
      i18n (>= 1.6, < 2)
      minitest (>= 5.1)
      tzinfo (~> 2.0)
      zeitwerk (~> 2.3)
    addressable (2.8.0)
      public_suffix (>= 2.0.2, < 5.0)
    autoprefixer-rails (10.2.5.0)
      execjs (< 2.8.0)
    backports (3.21.0)
>>>>>>> origin/main
    coffee-script (2.4.1)
      coffee-script-source
      execjs
    coffee-script-source (1.12.2)
<<<<<<< HEAD
    concurrent-ruby (1.1.9)
||||||| cf29f67
    compass-import-once (1.0.5)
      sass (>= 3.2, < 3.5)
    concurrent-ruby (1.0.4)
=======
    concurrent-ruby (1.1.8)
>>>>>>> origin/main
    contracts (0.13.0)
<<<<<<< HEAD
    dotenv (2.7.6)
    em-websocket (0.5.2)
      eventmachine (>= 0.12.9)
      http_parser.rb (~> 0.6.0)
||||||| cf29f67
    dotenv (2.2.0)
=======
    dotenv (2.7.6)
>>>>>>> origin/main
    erubis (2.7.0)
<<<<<<< HEAD
    eventmachine (1.2.7)
    execjs (2.8.1)
    fast_blank (1.0.1)
    fastimage (2.2.5)
    ffi (1.15.3)
    foreman (0.87.2)
    formatador (0.3.0)
    guard (2.18.0)
      formatador (>= 0.2.4)
      listen (>= 2.7, < 4.0)
      lumberjack (>= 1.0.12, < 2.0)
      nenv (~> 0.1)
      notiffany (~> 0.0)
      pry (>= 0.13.0)
      shellany (~> 0.0)
      thor (>= 0.18.1)
    guard-compat (1.2.1)
    guard-shell (0.7.2)
      guard (>= 2.0.0)
      guard-compat (~> 1.0)
    haml (5.2.2)
      temple (>= 0.8.0)
||||||| cf29f67
    execjs (2.7.0)
    fast_blank (1.0.0)
    fastimage (2.0.1)
      addressable (~> 2)
    ffi (1.9.17)
    haml (4.0.7)
=======
    execjs (2.7.0)
    fast_blank (1.0.0)
    fastimage (2.2.4)
    ffi (1.15.0)
    haml (5.2.1)
      temple (>= 0.8.0)
>>>>>>> origin/main
      tilt
    hamster (3.0.0)
      concurrent-ruby (~> 1.0)
<<<<<<< HEAD
    hashie (3.6.0)
    http_parser.rb (0.6.0)
    i18n (0.9.5)
      concurrent-ruby (~> 1.0)
    kramdown (2.3.1)
      rexml
||||||| cf29f67
    hashie (3.5.1)
    i18n (0.7.0)
    kramdown (1.13.2)
=======
    hashie (3.6.0)
    i18n (1.6.0)
      concurrent-ruby (~> 1.0)
    kramdown (2.3.1)
      rexml
>>>>>>> origin/main
    listen (3.0.8)
      rb-fsevent (~> 0.9, >= 0.9.4)
      rb-inotify (~> 0.9, >= 0.9.7)
<<<<<<< HEAD
    lumberjack (1.2.8)
    memoist (0.16.2)
    method_source (1.0.0)
    middleman (4.3.11)
||||||| cf29f67
    memoist (0.15.0)
    middleman (4.2.1)
=======
    memoist (0.16.2)
    middleman (4.4.0)
>>>>>>> origin/main
      coffee-script (~> 2.2)
      haml (>= 4.0.5)
<<<<<<< HEAD
      kramdown (>= 2.3.0)
      middleman-cli (= 4.3.11)
      middleman-core (= 4.3.11)
    middleman-autoprefixer (3.0.0)
      autoprefixer-rails (~> 10.0)
      middleman-core (>= 4.0.0)
    middleman-cli (4.3.11)
||||||| cf29f67
      kramdown (~> 1.2)
      middleman-cli (= 4.2.1)
      middleman-core (= 4.2.1)
      sass (>= 3.4.0, < 4.0)
    middleman-autoprefixer (2.7.1)
      autoprefixer-rails (>= 6.5.2, < 7.0.0)
      middleman-core (>= 3.3.3)
    middleman-cli (4.2.1)
=======
      kramdown (>= 2.3.0)
      middleman-cli (= 4.4.0)
      middleman-core (= 4.4.0)
    middleman-autoprefixer (3.0.0)
      autoprefixer-rails (~> 10.0)
      middleman-core (>= 4.0.0)
    middleman-cli (4.4.0)
>>>>>>> origin/main
      thor (>= 0.17.0, < 2.0)
<<<<<<< HEAD
    middleman-core (4.3.11)
      activesupport (>= 4.2, < 6.0)
      addressable (~> 2.3)
||||||| cf29f67
    middleman-core (4.2.1)
      activesupport (>= 4.2, < 5.1)
      addressable (~> 2.3)
=======
    middleman-core (4.4.0)
      activesupport (>= 6.1, < 7.0)
      addressable (~> 2.4)
>>>>>>> origin/main
      backports (~> 3.6)
<<<<<<< HEAD
      bundler
||||||| cf29f67
      bundler (~> 1.1)
=======
      bundler (~> 2.0)
>>>>>>> origin/main
      contracts (~> 0.13.0)
      dotenv
      erubis
      execjs (~> 2.0)
      fast_blank
      fastimage (~> 2.0)
      hamster (~> 3.0)
      hashie (~> 3.4)
<<<<<<< HEAD
      i18n (~> 0.9.0)
||||||| cf29f67
      i18n (~> 0.7.0)
=======
      i18n (~> 1.6.0)
>>>>>>> origin/main
      listen (~> 3.0.0)
      memoist (~> 0.14)
      padrino-helpers (~> 0.15.0)
      parallel
      rack (>= 1.4.5, < 3)
      sassc (~> 2.0)
      servolux
<<<<<<< HEAD
      tilt (~> 2.0.9)
||||||| cf29f67
      tilt (~> 2.0)
=======
      tilt (~> 2.0.9)
      toml
>>>>>>> origin/main
      uglifier (~> 3.0)
<<<<<<< HEAD
    middleman-livereload (3.4.7)
      em-websocket (~> 0.5.1)
      middleman-core (>= 3.3)
      rack-livereload (~> 0.3.15)
    middleman-sprockets (4.1.1)
||||||| cf29f67
    middleman-sprockets (4.1.0)
=======
      webrick
    middleman-sprockets (4.1.1)
>>>>>>> origin/main
      middleman-core (~> 4.0)
      sprockets (>= 3.0)
    middleman-syntax (3.2.0)
      middleman-core (>= 3.2)
<<<<<<< HEAD
      rouge (~> 3.2)
    mini_portile2 (2.6.1)
    minitest (5.14.4)
    nenv (0.3.0)
    nokogiri (1.12.4)
      mini_portile2 (~> 2.6.1)
      racc (~> 1.4)
    notiffany (0.1.3)
      nenv (~> 0.1)
      shellany (~> 0.0)
    padrino-helpers (0.13.3.4)
      i18n (~> 0.6, >= 0.6.7)
      padrino-support (= 0.13.3.4)
||||||| cf29f67
      rouge (~> 2.0)
    mini_portile2 (2.1.0)
    minitest (5.10.1)
    nokogiri (1.6.8.1)
      mini_portile2 (~> 2.1.0)
    padrino-helpers (0.13.3.3)
      i18n (~> 0.6, >= 0.6.7)
      padrino-support (= 0.13.3.3)
=======
      rouge (~> 3.2)
    mini_portile2 (2.6.1)
    minitest (5.14.4)
    nokogiri (1.12.3)
      mini_portile2 (~> 2.6.1)
      racc (~> 1.4)
    padrino-helpers (0.15.1)
      i18n (>= 0.6.7, < 2)
      padrino-support (= 0.15.1)
>>>>>>> origin/main
      tilt (>= 1.4.1, < 3)
<<<<<<< HEAD
    padrino-support (0.13.3.4)
      activesupport (>= 3.1)
    parallel (1.20.1)
    pry (0.14.1)
      coderay (~> 1.1)
      method_source (~> 1.0)
    public_suffix (4.0.6)
    racc (1.5.2)
    rack (2.2.3)
    rack-livereload (0.3.17)
      rack
    rb-fsevent (0.11.0)
    rb-inotify (0.10.1)
      ffi (~> 1.0)
    redcarpet (3.5.1)
    rexml (3.2.5)
    rouge (3.26.0)
    sassc (2.4.0)
      ffi (~> 1.9)
    servolux (0.13.0)
    shellany (0.0.1)
    sprockets (4.0.2)
||||||| cf29f67
    padrino-support (0.13.3.3)
      activesupport (>= 3.1)
    parallel (1.10.0)
    public_suffix (2.0.5)
    rack (2.0.1)
    rb-fsevent (0.9.8)
    rb-inotify (0.9.8)
      ffi (>= 0.5.0)
    redcarpet (3.4.0)
    rouge (2.0.7)
    sass (3.4.23)
    servolux (0.12.0)
    sprockets (3.7.1)
=======
    padrino-support (0.15.1)
    parallel (1.20.1)
    parslet (2.0.0)
    public_suffix (4.0.6)
    racc (1.5.2)
    rack (2.2.3)
    rb-fsevent (0.11.0)
    rb-inotify (0.10.1)
      ffi (~> 1.0)
    redcarpet (3.5.1)
    rexml (3.2.5)
    rouge (3.26.0)
    sass (3.7.4)
      sass-listen (~> 4.0.0)
    sass-listen (4.0.0)
      rb-fsevent (~> 0.9, >= 0.9.4)
      rb-inotify (~> 0.9, >= 0.9.7)
    sassc (2.4.0)
      ffi (~> 1.9)
    servolux (0.13.0)
    sprockets (3.7.2)
>>>>>>> origin/main
      concurrent-ruby (~> 1.0)
      rack (> 1, < 3)
<<<<<<< HEAD
    temple (0.8.2)
    thor (1.1.0)
    thread_safe (0.3.6)
    tilt (2.0.10)
    tzinfo (1.2.9)
      thread_safe (~> 0.1)
    uglifier (3.2.0)
||||||| cf29f67
    thor (0.19.4)
    thread_safe (0.3.5)
    tilt (2.0.6)
    tzinfo (1.2.2)
      thread_safe (~> 0.1)
    uglifier (3.0.4)
=======
    temple (0.8.2)
    thor (1.1.0)
    tilt (2.0.10)
    toml (0.3.0)
      parslet (>= 1.8.0, < 3.0.0)
    tzinfo (2.0.4)
      concurrent-ruby (~> 1.0)
    uglifier (3.2.0)
>>>>>>> origin/main
      execjs (>= 0.3.0, < 3)
    webrick (1.7.0)
    zeitwerk (2.4.2)

PLATFORMS
  ruby

DEPENDENCIES
<<<<<<< HEAD
  foreman
  guard
  guard-shell
  middleman
  middleman-autoprefixer
  middleman-livereload
  middleman-sprockets
  middleman-syntax
  nokogiri
  redcarpet
  rouge
||||||| cf29f67
  middleman (~> 4.2.1)
  middleman-autoprefixer (~> 2.7.0)
  middleman-sprockets (~> 4.1.0)
  middleman-syntax (~> 3.0.0)
  nokogiri (~> 1.6.8)
  redcarpet (~> 3.4.0)
  rouge (~> 2.0.5)
=======
  middleman (~> 4.4)
  middleman-autoprefixer (~> 3.0)
  middleman-sprockets (~> 4.1)
  middleman-syntax (~> 3.2)
  nokogiri (~> 1.12.1)
  redcarpet (~> 3.5.0)
  rouge (~> 3.21)
  sass
  webrick
>>>>>>> origin/main

RUBY VERSION
<<<<<<< HEAD
   ruby 2.7.4p191
||||||| cf29f67
   ruby 2.3.3p222
=======
   ruby 2.7.2p137
>>>>>>> origin/main

BUNDLED WITH
<<<<<<< HEAD
   2.2.26
||||||| cf29f67
   1.14.5
=======
   2.2.20
>>>>>>> origin/main
